GEM
  remote: https://rubygems.org/
  specs:
    faraday (0.13.1)
      multipart-post (>= 1.2, < 3)
    httpclient (2.8.3)
    multipart-post (2.0.0)
    parallel (1.12.0)

PLATFORMS
  ruby

DEPENDENCIES
  faraday
  httpclient
  parallel

BUNDLED WITH
   1.15.0
